GEM
  remote: http://rubygems.org/
  specs:
    POpen4 (0.1.4)
      Platform (>= 0.4.0)
      open4
    Platform (0.4.0)
    activesupport (3.2.3)
      i18n (~> 0.6)
      multi_json (~> 1.0)
    addressable (2.2.8)
    bourbon (1.4.0)
      sass (>= 3.1)
    coderay (0.9.8)
    coffee-script (2.2.0)
      coffee-script-source
      execjs
    coffee-script-source (1.3.1)
    columnize (0.3.6)
    configuration (1.3.1)
    debugger (1.1.3)
      columnize (>= 0.3.1)
      debugger-linecache (~> 1.1.1)
      debugger-ruby_core_source (~> 1.1.2)
    debugger-linecache (1.1.1)
      debugger-ruby_core_source (>= 1.1.1)
    debugger-ruby_core_source (1.1.2)
    directory_watcher (1.4.1)
    em-websocket (0.3.6)
      addressable (>= 2.1.1)
      eventmachine (>= 0.12.9)
    eventmachine (0.12.10)
    execjs (1.3.1)
      multi_json (~> 1.0)
    ffi (1.0.11)
    github (0.6.2)
      highline (~> 1.5.1)
      json_pure (~> 1.5.1)
      launchy (~> 0.3.7)
      text-format (= 1.0.0)
      text-hyphen (= 1.0.0)
    guard (1.0.2)
      ffi (>= 0.5.0)
      thor (~> 0.14.6)
    guard-coffeescript (0.6.0)
      coffee-script (>= 2.2.0)
      guard (>= 0.8.3)
    guard-jammit (0.3.0)
      guard (>= 0.8.3)
      jammit
    guard-livereload (0.4.2)
      em-websocket (>= 0.2.0)
      guard (>= 0.10.0)
      multi_json (~> 1.0)
    guard-shell (0.4.0)
      guard (>= 0.2.0)
    haml (3.1.5)
    highline (1.5.2)
    i18n (0.6.0)
    jammit (0.6.5)
      yui-compressor (>= 0.9.3)
    json_pure (1.5.4)
      spruz (~> 0.2.8)
    launchy (0.3.7)
      configuration (>= 0.0.5)
      rake (>= 0.8.1)
    method_source (0.6.7)
      ruby_parser (>= 2.3.1)
    multi_json (1.3.4)
    open4 (1.3.0)
    parse-ruby-client (0.0.6)
      patron
      vcr
    patron (0.4.18)
    pry (0.9.7.4)
      coderay (~> 0.9.8)
      method_source (~> 0.6.7)
      ruby_parser (>= 2.3.1)
      slop (~> 2.1.0)
    rake (0.9.2.2)
    rb-appscript (0.6.1)
    rdiscount (1.6.8)
    redis (2.2.2)
    ruby_parser (2.3.1)
      sexp_processor (~> 3.0)
    sass (3.1.16)
    sexp_processor (3.2.0)
    slop (2.1.0)
    spruz (0.2.13)
    stasis (0.1.22)
      directory_watcher (~> 1.4.1)
      redis (~> 2.2.2)
      slop (~> 2.1.0)
      tilt (~> 1.3.3)
      yajl-ruby (~> 1.0.0)
    terminitor (0.6.1)
      github (~> 0.6.2)
      rb-appscript (~> 0.6.1)
      thor (~> 0.14.0)
    text-format (1.0.0)
      text-hyphen (~> 1.0.0)
    text-hyphen (1.0.0)
    thor (0.14.6)
    tilt (1.3.3)
    vcr (2.1.1)
    yajl-ruby (1.0.0)
    yui-compressor (0.9.6)
      POpen4 (>= 0.1.4)

PLATFORMS
  ruby

DEPENDENCIES
  activesupport
  bourbon
  debugger
  guard (>= 1.0.0)
  guard-coffeescript (>= 0.4.0)
  guard-jammit
  guard-livereload (~> 0.4.0)
  guard-shell
  haml
  jammit
  parse-ruby-client
  pry
  rdiscount
  sass
  stasis
  terminitor
